PATH
  remote: .
  specs:
    standard (1.50.0)
      language_server-protocol (~> 3.17.0.2)
      lint_roller (~> 1.0)
      rubocop (~> 1.79.0)
      standard-custom (~> 1.0.0)
      standard-performance (~> 1.8)

GEM
  remote: https://rubygems.org/
  specs:
    ast (2.4.2)
    docile (1.4.0)
    json (2.13.2)
    language_server-protocol (3.17.0.5)
    lint_roller (1.1.0)
    logger (1.7.0)
    m (1.6.2)
      method_source (>= 0.6.7)
      rake (>= 0.9.2.2)
    method_source (1.0.0)
    minitest (5.25.5)
    mutex_m (0.3.0)
    parallel (1.23.0)
    parser (3.3.7.4)
      ast (~> 2.4.1)
      racc
    prism (1.4.0)
    racc (1.7.1)
    rainbow (3.1.1)
    rake (13.3.0)
    rbs (3.6.1)
      logger
    regexp_parser (2.9.3)
    rubocop (1.79.0)
      json (~> 2.3)
      language_server-protocol (~> 3.17.0.2)
      lint_roller (~> 1.1.0)
      parallel (~> 1.10)
      parser (>= 3.3.0.2)
      rainbow (>= 2.2.2, < 4.0)
      regexp_parser (>= 2.9.3, < 3.0)
      rubocop-ast (>= 1.46.0, < 2.0)
      ruby-progressbar (~> 1.7)
      tsort (>= 0.2.0)
      unicode-display_width (>= 2.4.0, < 4.0)
    rubocop-ast (1.46.0)
      parser (>= 3.3.7.2)
      prism (~> 1.4)
    rubocop-performance (1.25.0)
      lint_roller (~> 1.1)
      rubocop (>= 1.75.0, < 2.0)
      rubocop-ast (>= 1.38.0, < 2.0)
    ruby-lsp (0.26.0)
      language_server-protocol (~> 3.17.0)
      prism (>= 1.2, < 2.0)
      rbs (>= 3, < 5)
    ruby-progressbar (1.13.0)
    simplecov (0.22.0)
      docile (~> 1.1)
      simplecov-html (~> 0.11)
      simplecov_json_formatter (~> 0.1)
    simplecov-html (0.13.1)
    simplecov_json_formatter (0.1.4)
    standard-custom (1.0.2)
      lint_roller (~> 1.0)
      rubocop (~> 1.50)
    standard-performance (1.8.0)
      lint_roller (~> 1.1)
      rubocop-performance (~> 1.25.0)
    tsort (0.2.0)
    unicode-display_width (2.5.0)

PLATFORMS
  ruby
  x86_64-darwin-20

DEPENDENCIES
  bundler
  m
  minitest (~> 5.25)
  mutex_m
  rake (~> 13.3)
  ruby-lsp
  simplecov
  standard!

BUNDLED WITH
   2.5.23
