PATH
  remote: .
  specs:
    standard (1.5.0)
      rubocop (= 1.24.1)
      rubocop-performance (= 1.12.0)

GEM
  remote: https://rubygems.org/
  specs:
    ast (2.4.2)
    coderay (1.1.3)
    docile (1.4.0)
    gimme (0.5.0)
    method_source (1.0.0)
    minitest (5.14.4)
    parallel (1.21.0)
    parser (3.1.0.0)
      ast (~> 2.4.1)
    pry (0.14.1)
      coderay (~> 1.1)
      method_source (~> 1.0)
    rainbow (3.0.0)
    rake (13.0.6)
    regexp_parser (2.2.0)
    rexml (3.2.5)
    rubocop (1.24.1)
      parallel (~> 1.10)
      parser (>= 3.0.0.0)
      rainbow (>= 2.2.2, < 4.0)
      regexp_parser (>= 1.8, < 3.0)
      rexml
      rubocop-ast (>= 1.15.1, < 2.0)
      ruby-progressbar (~> 1.7)
      unicode-display_width (>= 1.4.0, < 3.0)
    rubocop-ast (1.15.1)
      parser (>= 3.0.1.1)
    rubocop-performance (1.12.0)
      rubocop (>= 1.7.0, < 2.0)
      rubocop-ast (>= 0.4.0)
    ruby-progressbar (1.11.0)
    simplecov (0.21.2)
      docile (~> 1.1)
      simplecov-html (~> 0.11)
      simplecov_json_formatter (~> 0.1)
    simplecov-html (0.12.3)
    simplecov_json_formatter (0.1.3)
    unicode-display_width (2.1.0)

PLATFORMS
  ruby
  x86_64-darwin-20

DEPENDENCIES
  bundler
  gimme
  minitest (~> 5.0)
  pry
  rake (~> 13.0)
  simplecov
  standard!

BUNDLED WITH
   2.2.22
